GEM
  remote: https://rubygems.org/
  specs:
    ast (2.0.0)
    astrolabe (1.3.0)
      parser (>= 2.2.0.pre.3, < 3.0)
    daemons (1.1.9)
    eventmachine (1.0.3)
    google_directions (0.1.6.2)
      nokogiri (>= 1.4.1)
    imdb (0.8.1)
      nokogiri (>= 1.6.0)
    mini_portile (0.6.0)
    nokogiri (1.6.3.1)
      mini_portile (= 0.6.0)
    parser (2.2.0.pre.5)
      ast (>= 1.1, < 3.0)
      slop (~> 3.4, >= 3.4.5)
    powerpack (0.0.9)
    rack (1.5.2)
    rack-protection (1.5.3)
      rack
    rainbow (2.0.0)
    rubocop (0.26.1)
      astrolabe (~> 1.3)
      parser (>= 2.2.0.pre.4, < 3.0)
      powerpack (~> 0.0.6)
      rainbow (>= 1.99.1, < 3.0)
      ruby-progressbar (~> 1.4)
    ruby-progressbar (1.6.0)
    sinatra (1.4.5)
      rack (~> 1.4)
      rack-protection (~> 1.4)
      tilt (~> 1.3, >= 1.3.4)
    slop (3.6.0)
    thin (1.6.3)
      daemons (~> 1.0, >= 1.0.9)
      eventmachine (~> 1.0)
      rack (~> 1.0)
    tilt (1.4.1)
    wolfram-alpha (0.3.1)
      nokogiri
    yahoo_weatherman (2.0.0)
      nokogiri

PLATFORMS
  ruby

DEPENDENCIES
  google_directions
  imdb
  nokogiri (~> 1.6.3.1)
  rubocop
  sinatra
  thin
  wolfram-alpha (~> 0.3.1)
  yahoo_weatherman (~> 2.0.0)
